GEM
  remote: https://rubygems.org/
  specs:
    ZenTest (4.5.0)
    autotest-rails (4.1.0)
      ZenTest
    builder (3.2.2)
    cucumber (2.0.0)
      builder (>= 2.1.2)
      cucumber-core (~> 1.1.3)
      diff-lcs (>= 1.1.3)
      gherkin (~> 2.12)
      multi_json (>= 1.7.5, < 2.0)
      multi_test (>= 0.1.2)
    cucumber-core (1.1.3)
      gherkin (~> 2.12.0)
    diff-lcs (1.2.5)
    fakeweb (1.3.0)
    gherkin (2.12.2)
      multi_json (~> 1.3)
    hoe (2.8.0)
      rake (>= 0.8.7)
    hoe-git (1.4.0)
      hoe (>= 2.2.0)
    i18n (0.6.11)
    multi_json (1.11.0)
    multi_test (0.1.2)
    nokogiri (1.4.4)
    rack (1.0.1)
    rake (0.8.7)
    redmine_plugin_support (0.0.4)
    rspec (1.3.1)
    rspec-rails (1.3.2)
      rack (>= 1.0.0)
      rspec (>= 1.3.0)
    wicked_pdf (0.7.0)

PLATFORMS
  ruby

DEPENDENCIES
  ZenTest
  autotest-rails (~> 4.1)
  cucumber
  fakeweb
  hoe (~> 2.8)
  hoe-git
  i18n (~> 0.6.11)
  nokogiri
  redmine_plugin_support
  rspec (= 1.3.1)
  rspec-rails (= 1.3.2)
  wicked_pdf
